PATH
  remote: .
  specs:
    ner_wrapper (0.0.1)
      nokogiri (~> 1.4.4)
      rjb (= 1.3.2)

GEM
  remote: http://rubygems.org/
  specs:
    nokogiri (1.4.7)
    rjb (1.3.2)
    shoulda-context (1.0.0.beta1)

PLATFORMS
  ruby

DEPENDENCIES
  bundler (>= 1.0.0)
  ner_wrapper!
  shoulda-context
